GEM
  remote: http://rubygems.org/
  specs:
    msgpack (0.4.6)
    rake (0.9.2.2)
    test-unit (2.4.4)

PLATFORMS
  ruby

DEPENDENCIES
  msgpack
  rake
  test-unit
